PATH
  remote: .
  specs:
    cli_project (0.1.0)

GEM
  remote: https://rubygems.org/
  specs:
    rake (10.4.2)

PLATFORMS
  ruby

DEPENDENCIES
  bundler (~> 1.16)
  cli_project!
  rake (~> 10.0)

BUNDLED WITH
   1.17.1
